GIT
  remote: git://github.com/dobtco/dvl-core.git
  revision: 2373b6ada1e2d2d6e06100ba79fc8cb7012b1038
  specs:
    dvl-core (0.1.0)
      activesupport
      coffee-script
      sass

GEM
  remote: https://rubygems.org/
  specs:
    activesupport (4.2.5.1)
      i18n (~> 0.7)
      json (~> 1.7, >= 1.7.7)
      minitest (~> 5.1)
      thread_safe (~> 0.3, >= 0.3.4)
      tzinfo (~> 1.1)
    coffee-script (2.4.1)
      coffee-script-source
      execjs
    coffee-script-source (1.10.0)
    execjs (2.6.0)
    i18n (0.7.0)
    json (1.8.3)
    minitest (5.8.4)
    sass (3.4.21)
    thread_safe (0.3.5)
    tzinfo (1.2.2)
      thread_safe (~> 0.1)

PLATFORMS
  ruby

DEPENDENCIES
  dvl-core!
  sass

BUNDLED WITH
   1.11.2
